GEM
  remote: https://rubygems.org/
  specs:
    hologram (1.2.0)
      redcarpet (>= 2.2, < 4.0)
      rouge (>= 1.5)
    rainbow (2.0.0)
    redcarpet (3.1.2)
    rouge (1.6.2)
    sass (3.3.14)
    scss-lint (0.26.2)
      rainbow (~> 2.0)
      sass (~> 3.3.0, >= 3.3.7)

PLATFORMS
  ruby

DEPENDENCIES
  hologram (= 1.2.0)
  sass (~> 3.3.14)
  scss-lint (= 0.26.2)
